GEM
  remote: https://rubygems.org/
  specs:
    mini_magick (4.11.0)

PLATFORMS
  ruby

DEPENDENCIES
  mini_magick

BUNDLED WITH
   2.2.15
